GEM
  remote: https://rubygems.org/
  specs:
    ast (2.4.2)
    docile (1.3.5)
    jaro_winkler (1.5.4)
    minitest (5.14.3)
    mocha (1.12.0)
    parallel (1.20.1)
    parser (3.0.0.0)
      ast (~> 2.4.1)
    powerpack (0.1.3)
    rainbow (3.0.0)
    rake (13.0.3)
    rubocop (0.63.1)
      jaro_winkler (~> 1.5.1)
      parallel (~> 1.10)
      parser (>= 2.5, != 2.5.1.1)
      powerpack (~> 0.1)
      rainbow (>= 2.2.2, < 4.0)
      ruby-progressbar (~> 1.7)
      unicode-display_width (~> 1.4.0)
    ruby-progressbar (1.11.0)
    simplecov (0.21.2)
      docile (~> 1.1)
      simplecov-html (~> 0.11)
      simplecov_json_formatter (~> 0.1)
    simplecov-html (0.12.3)
    simplecov_json_formatter (0.1.2)
    unicode-display_width (1.4.1)

PLATFORMS
  ruby

DEPENDENCIES
  minitest
  mocha
  rake
  rubocop (= 0.63.1)
  simplecov

BUNDLED WITH
   2.1.4
